GEM
  remote: https://rubygems.org/
  specs:
    activesupport (5.2.1)
      concurrent-ruby (~> 1.0, >= 1.0.2)
      i18n (>= 0.7, < 2)
      minitest (~> 5.1)
      tzinfo (~> 1.1)
    ast (2.4.0)
    aws-eventstream (1.0.1)
    aws-partitions (1.107.0)
    aws-sdk-core (3.36.0)
      aws-eventstream (~> 1.0)
      aws-partitions (~> 1.0)
      aws-sigv4 (~> 1.0)
      jmespath (~> 1.0)
    aws-sdk-dynamodb (1.15.0)
      aws-sdk-core (~> 3, >= 3.26.0)
      aws-sigv4 (~> 1.0)
    aws-sdk-kms (1.11.0)
      aws-sdk-core (~> 3, >= 3.26.0)
      aws-sigv4 (~> 1.0)
    aws-sdk-s3 (1.23.1)
      aws-sdk-core (~> 3, >= 3.26.0)
      aws-sdk-kms (~> 1)
      aws-sigv4 (~> 1.0)
    aws-sigv4 (1.0.3)
    backports (3.11.4)
    backtrace (0.3.0)
    builder (3.2.3)
    cachy (0.4.2)
      mini_memory_store
    codecov (0.1.13)
      json
      simplecov
      url
    concurrent-ruby (1.0.5)
    cucumber (3.1.2)
      builder (>= 2.1.2)
      cucumber-core (~> 3.2.0)
      cucumber-expressions (~> 6.0.1)
      cucumber-wire (~> 0.0.1)
      diff-lcs (~> 1.3)
      gherkin (~> 5.1.0)
      multi_json (>= 1.7.5, < 2.0)
      multi_test (>= 0.1.2)
    cucumber-core (3.2.1)
      backports (>= 3.8.0)
      cucumber-tag_expressions (~> 1.1.0)
      gherkin (~> 5.0)
    cucumber-expressions (6.0.1)
    cucumber-tag_expressions (1.1.1)
    cucumber-wire (0.0.1)
    daemons (1.2.6)
    diff-lcs (1.3)
    differ (0.1.2)
    diffy (3.2.1)
    docile (1.3.1)
    dry-configurable (0.7.0)
      concurrent-ruby (~> 1.0)
    dry-container (0.6.0)
      concurrent-ruby (~> 1.0)
      dry-configurable (~> 0.1, >= 0.1.3)
    dry-core (0.4.7)
      concurrent-ruby (~> 1.0)
    dry-equalizer (0.2.1)
    dry-inflector (0.1.2)
    dry-logic (0.4.2)
      dry-container (~> 0.2, >= 0.2.6)
      dry-core (~> 0.2)
      dry-equalizer (~> 0.2)
    dry-struct (0.6.0)
      dry-core (~> 0.4, >= 0.4.3)
      dry-equalizer (~> 0.2)
      dry-types (~> 0.13)
      ice_nine (~> 0.11)
    dry-types (0.13.2)
      concurrent-ruby (~> 1.0)
      dry-container (~> 0.3)
      dry-core (~> 0.4, >= 0.4.4)
      dry-equalizer (~> 0.2)
      dry-inflector (~> 0.1, >= 0.1.2)
      dry-logic (~> 0.4, >= 0.4.2)
    eventmachine (1.2.7)
    faraday (0.15.3)
      multipart-post (>= 1.2, < 3)
    ffi (1.9.25)
    futex (0.3.1)
    get_process_mem (0.2.3)
    gherkin (5.1.0)
    glogin (0.4.7)
    haml (5.0.4)
      temple (>= 0.8.0)
      tilt
    i18n (1.1.1)
      concurrent-ruby (~> 1.0)
    ice_nine (0.11.2)
    jaro_winkler (1.5.1)
    jmespath (1.4.0)
    json (2.1.0)
    listen (3.1.5)
      rb-fsevent (~> 0.9, >= 0.9.4)
      rb-inotify (~> 0.9, >= 0.9.7)
      ruby_dep (~> 1.2)
    mini_memory_store (0.1.0)
    mini_portile2 (2.3.0)
    minitest (5.11.3)
    moneta (1.0.0)
    multi_json (1.13.1)
    multi_test (0.1.2)
    multipart-post (2.0.0)
    mustermann (1.0.3)
    nokogiri (1.8.5)
      mini_portile2 (~> 2.3.0)
    openssl (2.1.2)
    parallel (1.12.1)
    parallelize (0.4.1)
    parser (2.5.3.0)
      ast (~> 2.4.0)
    posix-spawn (0.3.13)
    powerpack (0.1.2)
    rack (2.0.5)
    rack-protection (2.0.4)
      rack
    rack-ssl (1.4.1)
      rack
    rack-test (1.1.0)
      rack (>= 1.0, < 3)
    rainbow (3.0.0)
    rake (12.3.1)
    random-port (0.3.0)
    rb-fsevent (0.10.3)
    rb-inotify (0.9.10)
      ffi (>= 0.5.0, < 2)
    rerun (0.13.0)
      listen (~> 3.0)
    rubocop (0.58.1)
      jaro_winkler (~> 1.5.1)
      parallel (~> 1.10)
      parser (>= 2.5, != 2.5.1.1)
      powerpack (~> 0.1)
      rainbow (>= 2.2.2, < 4.0)
      ruby-progressbar (~> 1.7)
      unicode-display_width (~> 1.0, >= 1.0.1)
    rubocop-rspec (1.30.0)
      rubocop (>= 0.58.0)
    ruby-progressbar (1.10.0)
    ruby_dep (1.5.0)
    sass (3.6.0)
      sass-listen (~> 4.0.0)
    sass-listen (4.0.0)
      rb-fsevent (~> 0.9, >= 0.9.4)
      rb-inotify (~> 0.9, >= 0.9.7)
    semantic (1.6.1)
    sentry-raven (2.7.4)
      faraday (>= 0.7.6, < 1.0)
    sigdump (0.2.4)
    simplecov (0.16.1)
      docile (~> 1.1)
      json (>= 1.8, < 3)
      simplecov-html (~> 0.10.0)
    simplecov-html (0.10.2)
    sinatra (2.0.4)
      mustermann (~> 1.0)
      rack (~> 2.0)
      rack-protection (= 2.0.4)
      tilt (~> 2.0)
    sinatra-contrib (2.0.4)
      activesupport (>= 4.0.0)
      backports (>= 2.8.2)
      multi_json
      mustermann (~> 1.0)
      rack-protection (= 2.0.4)
      sinatra (= 2.0.4)
      tilt (>= 1.3, < 3)
    slop (4.6.2)
    sys-proctable (1.2.1)
      ffi
    temple (0.8.0)
    thin (1.7.2)
      daemons (~> 1.0, >= 1.0.9)
      eventmachine (~> 1.0, >= 1.0.4)
      rack (>= 1, < 3)
    thread_safe (0.3.6)
    threads (0.3.0)
      backtrace (~> 0)
      concurrent-ruby (~> 1.0)
    tilt (2.0.8)
    tzinfo (1.2.5)
      thread_safe (~> 0.1)
    unicode-display_width (1.4.0)
    url (0.3.2)
    usagewatch (0.0.7)
    usagewatch_ext (0.2.1)
      usagewatch (~> 0.0.6)
    xcop (0.6)
      differ (~> 0.1.2)
      nokogiri (~> 1.8)
      rainbow (~> 3.0)
      slop (~> 4.4)
    zold (0.16.4)
      backtrace (~> 0)
      cachy (~> 0)
      concurrent-ruby (~> 1.0)
      cucumber (~> 3)
      diffy (~> 3)
      dry-struct (~> 0)
      dry-types (~> 0)
      futex (~> 0)
      get_process_mem (~> 0)
      json (~> 2)
      moneta (~> 1)
      openssl (~> 2)
      posix-spawn (~> 0.3)
      rainbow (~> 3)
      rake (~> 12)
      rubocop (= 0.58.1)
      rubocop-rspec (~> 1)
      semantic (~> 1)
      sigdump (~> 0)
      sinatra (~> 2)
      slop (~> 4)
      sys-proctable (~> 1)
      thin (~> 1)
      threads (~> 0)
      usagewatch_ext (~> 0)
      xcop (~> 0)

PLATFORMS
  ruby
  x86_64-darwin-16

DEPENDENCIES
  aws-sdk-dynamodb (~> 1.6)
  aws-sdk-s3 (~> 1.13)
  backports (~> 3.11)
  backtrace (~> 0)
  codecov (~> 0.1)
  concurrent-ruby (~> 1.0)
  glogin (~> 0)
  haml (~> 5.0)
  minitest (~> 5.11)
  parallelize (~> 0.4)
  rack (~> 2.0)
  rack-ssl (~> 1.4)
  rack-test (~> 1.0)
  rake (~> 12.3)
  random-port (~> 0)
  rerun (~> 0.11)
  rubocop (~> 0.52)
  rubocop-rspec (~> 1.25)
  sass (~> 3.5)
  sentry-raven (~> 2.7)
  sinatra (~> 2.0)
  sinatra-contrib (~> 2.0)
  xcop (~> 0)
  zold (= 0.16.4)

RUBY VERSION
   ruby 2.3.3p222

BUNDLED WITH
   1.16.2
